PATH
  remote: .
  specs:
    sass-archive-importer (1.0.0.beta.2)
      rubyzip (~> 0.9.9)
      sass (>= 3.1, < 3.4)

GEM
  remote: http://rubygems.org/
  specs:
    rake (10.2.2)
    rubyzip (0.9.9)
    sass (3.3.4)

PLATFORMS
  java
  ruby

DEPENDENCIES
  rake
  sass-archive-importer!
