PATH
  remote: .
  specs:
    sass-archive-importer (1.0.0.beta.1)
      rubyzip (~> 0.9.9)
      sass (>= 3.1)

GEM
  remote: http://rubygems.org/
  specs:
    rake (10.1.0)
    rubyzip (0.9.9)
    sass (3.3.3)

PLATFORMS
  ruby

DEPENDENCIES
  rake
  sass-archive-importer!
