PATH
  remote: .
  specs:
    sass-zip-importer (1.0.0.beta.0)
      rubyzip (~> 0.9.9)
      sass (>= 3.1)

GEM
  remote: http://rubygems.org/
  specs:
    rake (10.1.0)
    rubyzip (0.9.9)
    sass (3.2.9)

PLATFORMS
  ruby

DEPENDENCIES
  rake
  sass-zip-importer!
